GEM
  remote: https://rubygems.org/
  specs:
    ffi (1.11.1)
    rake (12.3.3)
    sassc (2.2.1)
      ffi (~> 1.9)

PLATFORMS
  ruby

DEPENDENCIES
  rake (~> 12.3.3)
  sassc (~> 2.2.1)

RUBY VERSION
   ruby 2.6.4p104

BUNDLED WITH
   2.0.2
